GEM
  remote: https://rubygems.org/
  specs:
    caphub (0.1.5)

PLATFORMS
  ruby

DEPENDENCIES
  caphub
