GEM
  remote: https://rubygems.org/
  specs:
    capistrano (3.2.1)
      i18n
      rake (>= 10.0.0)
      sshkit (~> 1.3)
    capistrano-bundler (1.1.3)
      capistrano (~> 3.1)
      sshkit (~> 1.2)
    capistrano-calendar (0.1.2)
      capistrano (>= 2.5.5)
      gdata_19 (>= 1.1.0)
      json
    capistrano-multiconfig (3.0.8)
      capistrano (>= 3.0.0)
    capistrano-patch (0.0.2)
      capistrano (>= 2.5.5)
    capistrano-rails (1.1.2)
      capistrano (~> 3.1)
      capistrano-bundler (~> 1.1)
    capistrano-rbenv (2.0.2)
      capistrano (~> 3.1)
      sshkit (~> 1.3)
    capistrano-uptodate (0.0.2)
      capistrano (>= 2.5.5)
    colorize (0.7.3)
    gdata_19 (1.1.5)
    i18n (0.6.11)
    json (1.8.1)
    net-scp (1.2.1)
      net-ssh (>= 2.6.5)
    net-ssh (2.9.1)
    rake (10.3.2)
    sshkit (1.5.1)
      colorize
      net-scp (>= 1.1.2)
      net-ssh (>= 2.8.0)

PLATFORMS
  ruby

DEPENDENCIES
  capistrano (>= 3.0.0)
  capistrano-bundler (>= 1.0.0)
  capistrano-calendar (>= 0.1.2)
  capistrano-multiconfig (>= 3.0.3)
  capistrano-patch (>= 0.0.2)
  capistrano-rails (>= 1.0.0)
  capistrano-rbenv (>= 1.0.5)
  capistrano-uptodate (>= 0.0.2)
